GEM
  remote: http://rubygems.org/
  specs:
    rack (1.2.2)
    sequel (3.22.0)
    sinatra (1.2.3)
      rack (~> 1.1)
      tilt (>= 1.2.2, < 2.0)
    tilt (1.3)

PLATFORMS
  ruby

DEPENDENCIES
  sequel
  sinatra
